GEM
  remote: http://rubygems.org/
  specs:
    createsend (2.5.1)
      hashie (~> 1.0)
      httparty (~> 0.10)
      json
    git (1.2.5)
    hashie (1.2.0)
    httparty (0.10.2)
      multi_json (~> 1.0)
      multi_xml (>= 0.5.2)
    jeweler (1.8.4)
      bundler (~> 1.0)
      git (>= 1.2.5)
      rake
      rdoc
    json (1.5.5)
    km (1.1.3)
    multi_json (1.7.1)
    multi_xml (0.5.3)
    rake (10.0.3)
    rdoc (4.0.0)
      json (~> 1.4)

PLATFORMS
  ruby

DEPENDENCIES
  createsend (>= 2.5.1)
  jeweler
  km (>= 1.1.3)
  rdoc (>= 4.0)
