GEM
  remote: https://rubygems.org/
  specs:
    cm-kissmetrics (1.3.2)
    createsend (3.2.0)
      hashie (>= 1.2, < 3)
      httparty (~> 0.10)
      json
    git (1.2.5)
    hashie (2.0.3)
    httparty (0.10.2)
      multi_json (~> 1.0)
      multi_xml (>= 0.5.2)
    jeweler (1.8.4)
      bundler (~> 1.0)
      git (>= 1.2.5)
      rake
      rdoc
    json (1.5.5)
    multi_json (1.7.2)
    multi_xml (0.5.3)
    rake (10.0.3)
    rdoc (4.0.0)
      json (~> 1.4)

PLATFORMS
  ruby

DEPENDENCIES
  cm-kissmetrics (~> 1.3.1)
  createsend (~> 3.2)
  jeweler
  rdoc (>= 4.0)
